GEM
  remote: https://rubygems.org/
  specs:
    backports (3.11.4)
    concurrent-ruby (1.1.4)
    dotenv (2.5.0)
    et-orbi (1.1.6)
      tzinfo
    fugit (1.1.6)
      et-orbi (~> 1.1, >= 1.1.6)
      raabro (~> 1.1)
    jwt (2.1.0)
    multi_json (1.13.1)
    mustermann (1.0.3)
    raabro (1.1.6)
    rack (2.0.8)
    rack-protection (2.0.5)
      rack
    rufus-scheduler (3.5.2)
      fugit (~> 1.1, >= 1.1.5)
    sinatra (2.0.5)
      mustermann (~> 1.0)
      rack (~> 2.0)
      rack-protection (= 2.0.5)
      tilt (~> 2.0)
    sinatra-contrib (2.0.5)
      backports (>= 2.8.2)
      multi_json
      mustermann (~> 1.0)
      rack-protection (= 2.0.5)
      sinatra (= 2.0.5)
      tilt (>= 1.3, < 3)
    tilt (2.0.9)
    tzinfo (2.0.0)
      concurrent-ruby (~> 1.0)

PLATFORMS
  ruby

DEPENDENCIES
  dotenv
  jwt
  rufus-scheduler
  sinatra
  sinatra-contrib

BUNDLED WITH
   1.16.4
